GEM
  remote: https://rubygems.org/
  specs:
    addressable (2.8.0)
      public_suffix (>= 2.0.2, < 5.0)
    concurrent-ruby (1.1.4)
    daemons (1.3.1)
    declarative (0.0.10)
    declarative-option (0.1.0)
    digest-crc (0.4.1)
    dotenv (2.5.0)
    et-orbi (1.1.6)
      tzinfo
    eventmachine (1.2.7)
    faraday (0.15.4)
      multipart-post (>= 1.2, < 3)
    ffi (1.9.25)
    fugit (1.1.6)
      et-orbi (~> 1.1, >= 1.1.6)
      raabro (~> 1.1)
    google-api-client (0.27.1)
      addressable (~> 2.5, >= 2.5.1)
      googleauth (>= 0.5, < 0.8.0)
      httpclient (>= 2.8.1, < 3.0)
      mime-types (~> 3.0)
      representable (~> 3.0)
      retriable (>= 2.0, < 4.0)
      signet (~> 0.10)
    google-cloud-core (1.2.7)
      google-cloud-env (~> 1.0)
    google-cloud-env (1.0.5)
      faraday (~> 0.11)
    google-cloud-storage (1.15.0)
      digest-crc (~> 0.4)
      google-api-client (~> 0.23)
      google-cloud-core (~> 1.2)
      googleauth (~> 0.6.2)
    googleauth (0.6.7)
      faraday (~> 0.12)
      jwt (>= 1.4, < 3.0)
      memoist (~> 0.16)
      multi_json (~> 1.11)
      os (>= 0.9, < 2.0)
      signet (~> 0.7)
    httpclient (2.8.3)
    json (2.3.0)
    jwt (2.1.0)
    listen (3.1.5)
      rb-fsevent (~> 0.9, >= 0.9.4)
      rb-inotify (~> 0.9, >= 0.9.7)
      ruby_dep (~> 1.2)
    memoist (0.16.0)
    mime-types (3.2.2)
      mime-types-data (~> 3.2015)
    mime-types-data (3.2018.0812)
    multi_json (1.13.1)
    multipart-post (2.0.0)
    mustermann (1.0.3)
    mysql2 (0.5.2)
    os (1.0.0)
    public_suffix (4.0.6)
    raabro (1.1.6)
    rack (2.2.3.1)
    rack-protection (2.0.5)
      rack
    rake (12.3.3)
    rb-fsevent (0.10.3)
    rb-inotify (0.10.0)
      ffi (~> 1.0)
    representable (3.0.4)
      declarative (< 0.1.0)
      declarative-option (< 0.2.0)
      uber (< 0.2.0)
    rerun (0.13.0)
      listen (~> 3.0)
    retriable (3.1.2)
    ruby_dep (1.5.0)
    rufus-scheduler (3.5.2)
      fugit (~> 1.1, >= 1.1.5)
    signet (0.11.0)
      addressable (~> 2.3)
      faraday (~> 0.9)
      jwt (>= 1.5, < 3.0)
      multi_json (~> 1.10)
    sinatra (2.0.5)
      mustermann (~> 1.0)
      rack (~> 2.0)
      rack-protection (= 2.0.5)
      tilt (~> 2.0)
    thin (1.7.2)
      daemons (~> 1.0, >= 1.0.9)
      eventmachine (~> 1.0, >= 1.0.4)
      rack (>= 1, < 3)
    tilt (2.0.9)
    tzinfo (2.0.0)
      concurrent-ruby (~> 1.0)
    uber (0.1.0)

PLATFORMS
  ruby

DEPENDENCIES
  dotenv!
  google-cloud-storage!
  json!
  mysql2!
  rake!
  rerun!
  rufus-scheduler!
  sinatra!
  thin!

BUNDLED WITH
   1.17.2
